GEM
  remote: https://rubygems.org/
  specs:
    json (1.8.1)

PLATFORMS
  x86-mingw32

DEPENDENCIES
  json
